GEM
  remote: https://rubygems.org/
  specs:
    faraday (0.8.7)
      multipart-post (~> 1.1)
    googleajax (1.0.1)
      json (>= 1.0.0)
    json (1.8.0)
    multi_json (1.7.3)
    multipart-post (1.2.0)
    rack (1.6.12)
    simple_oauth (0.2.0)
    sinatra (1.1.0)
      rack (~> 1.1)
      tilt (~> 1.1)
    tilt (1.4.1)
    twitter (4.6.2)
      faraday (~> 0.8, < 0.10)
      multi_json (~> 1.0)
      simple_oauth (~> 0.2)

PLATFORMS
  ruby

DEPENDENCIES
  googleajax
  json
  sinatra (= 1.1.0)
  twitter
